GEM
  remote: https://rubygems.org/
  specs:
    activesupport (3.2.13)
      i18n (= 0.6.1)
      multi_json (~> 1.0)
    backports (2.6.7)
    bson (1.8.5)
    builder (3.2.0)
    descendants_tracker (0.0.1)
    grape (0.4.1)
      activesupport
      builder
      hashie (>= 1.2.0)
      multi_json (>= 1.3.2)
      multi_xml (>= 0.5.2)
      rack (>= 1.3.0)
      rack-accept
      rack-mount
      virtus
    hashie (2.0.4)
    i18n (0.6.1)
    mongo (1.8.5)
      bson (~> 1.8.5)
    multi_json (1.7.2)
    multi_xml (0.5.3)
    nokogiri (1.5.9)
    oj (2.0.12)
    rack (1.5.2)
    rack-accept (0.4.5)
      rack (>= 0.4)
    rack-contrib (1.1.0)
      rack (>= 0.9.1)
    rack-mount (0.8.3)
      rack (>= 1.0.0)
    virtus (0.5.4)
      backports (~> 2.6.1)
      descendants_tracker (~> 0.0.1)

PLATFORMS
  ruby

DEPENDENCIES
  grape
  mongo
  multi_json
  nokogiri
  oj
  rack
  rack-contrib
